PATH
  remote: .
  specs:
    active_device (1.2.0)

GEM
  remote: http://rubygems.org/
  specs:

PLATFORMS
  ruby

DEPENDENCIES
  active_device!

BUNDLED WITH
   1.16.0.pre.3
